GEM
  remote: https://rubygems.org/
  specs:
    bigdecimal (3.1.9)
    colorize (1.1.0)
    csv (3.3.2)
    httparty (0.22.0)
      csv
      mini_mime (>= 1.0.0)
      multi_xml (>= 0.5.2)
    mini_mime (1.1.5)
    multi_xml (0.7.1)
      bigdecimal (~> 3.1)
    pg (1.5.9)
    thor (1.3.2)

PLATFORMS
  ruby
  x86_64-linux

DEPENDENCIES
  colorize
  httparty
  pg
  thor

RUBY VERSION
   ruby 3.3.4p94

BUNDLED WITH
   2.6.2
